GIT
  remote: git://github.com/mitchellh/vagrant.git
  revision: 7e400d00a3c5a0fdf2809c8b5001a035415a607b
  tag: v1.2.2
  specs:
    vagrant (1.2.2)
      childprocess (~> 0.3.7)
      erubis (~> 2.7.0)
      i18n (~> 0.6.0)
      json (>= 1.5.1, < 1.8.0)
      log4r (~> 1.1.9)
      net-scp (~> 1.1.0)
      net-ssh (~> 2.6.6)

GEM
  remote: https://rubygems.org/
  specs:
    childprocess (0.3.9)
      ffi (~> 1.0, >= 1.0.11)
    erubis (2.7.0)
    ffi (1.9.0)
    i18n (0.6.4)
    json (1.7.7)
    log4r (1.1.10)
    net-scp (1.1.1)
      net-ssh (>= 2.6.5)
    net-ssh (2.6.7)

PLATFORMS
  ruby

DEPENDENCIES
  vagrant!
